PATH
  remote: .
  specs:
    datadog_backup (0.6.0)
      amazing_print (= 1.2.1)
      concurrent-ruby (= 1.1.7)
      concurrent-ruby-edge (= 0.6.0)
      deepsort (= 0.4.5)
      diffy (= 3.3.0)
      dogapi (= 1.41.0)

GEM
  remote: https://rubygems.org/
  specs:
    amazing_print (1.2.1)
    ast (2.4.1)
    climate_control (0.2.0)
    coderay (1.1.3)
    concurrent-ruby (1.1.7)
    concurrent-ruby-edge (0.6.0)
      concurrent-ruby (~> 1.1.6)
    deepsort (0.4.5)
    diff-lcs (1.4.4)
    diffy (3.3.0)
    dogapi (1.41.0)
      multi_json
    ffi (1.13.1)
    formatador (0.2.5)
    guard (2.16.2)
      formatador (>= 0.2.4)
      listen (>= 2.7, < 4.0)
      lumberjack (>= 1.0.12, < 2.0)
      nenv (~> 0.1)
      notiffany (~> 0.0)
      pry (>= 0.9.12)
      shellany (~> 0.0)
      thor (>= 0.18.1)
    guard-compat (1.2.1)
    guard-rspec (4.7.3)
      guard (~> 2.1)
      guard-compat (~> 1.1)
      rspec (>= 2.99.0, < 4.0)
    listen (3.2.1)
      rb-fsevent (~> 0.10, >= 0.10.3)
      rb-inotify (~> 0.9, >= 0.9.10)
    lumberjack (1.2.6)
    method_source (1.0.0)
    multi_json (1.15.0)
    nenv (0.3.0)
    notiffany (0.1.3)
      nenv (~> 0.1)
      shellany (~> 0.0)
    parallel (1.19.2)
    parser (2.7.1.4)
      ast (~> 2.4.1)
    pry (0.13.1)
      coderay (~> 1.1)
      method_source (~> 1.0)
    rainbow (3.0.0)
    rb-fsevent (0.10.4)
    rb-inotify (0.10.1)
      ffi (~> 1.0)
    regexp_parser (1.7.1)
    rexml (3.2.4)
    rspec (3.9.0)
      rspec-core (~> 3.9.0)
      rspec-expectations (~> 3.9.0)
      rspec-mocks (~> 3.9.0)
    rspec-core (3.9.2)
      rspec-support (~> 3.9.3)
    rspec-expectations (3.9.2)
      diff-lcs (>= 1.2.0, < 2.0)
      rspec-support (~> 3.9.0)
    rspec-mocks (3.9.1)
      diff-lcs (>= 1.2.0, < 2.0)
      rspec-support (~> 3.9.0)
    rspec-support (3.9.3)
    rubocop (0.88.0)
      parallel (~> 1.10)
      parser (>= 2.7.1.1)
      rainbow (>= 2.2.2, < 4.0)
      regexp_parser (>= 1.7)
      rexml
      rubocop-ast (>= 0.1.0, < 1.0)
      ruby-progressbar (~> 1.7)
      unicode-display_width (>= 1.4.0, < 2.0)
    rubocop-ast (0.1.0)
      parser (>= 2.7.0.1)
    ruby-progressbar (1.10.1)
    shellany (0.0.1)
    thor (1.0.1)
    unicode-display_width (1.7.0)

PLATFORMS
  ruby

DEPENDENCIES
  bundler
  climate_control
  datadog_backup!
  guard-rspec
  pry
  rspec
  rubocop

BUNDLED WITH
   2.1.4
